GIT
  remote: https://github.com/rcqls/dyndoc-ruby-doc.git
  revision: e55bd37d9b330afe53bad6317c0c54455f6d3d63
  specs:
    dyndoc-ruby-doc (1.0)

GIT
  remote: https://github.com/rcqls/dyndoc-ruby-core.git
  revision: 83337c37e759152dba61c6c1e829ec3fc5b45a5a
  specs:
    dyndoc-ruby-core (1.0)

GIT
  remote: https://github.com/rcqls/R4rb.git
  revision: 9df4551006a85ed2c2e243b7772d02e310dcbc2a
  specs:
    R4rb (1.0.0)

GEM
  remote: https://rubygems.org/
  specs:
    configliere (0.4.22)
      highline (= 1.5.2)
      multi_json (~> 1.10.1)
    highline (1.5.2)
    multi_json (1.10.1)
    plist (3.1.0)
    textpow (1.3.1)
      plist (>= 3.0.1)
    ultraviolet (1.0.1)
      textpow (>= 1.3.0)

PLATFORMS
  ruby

DEPENDENCIES
  R4rb!
  configliere
  dyndoc-ruby-core (= 1.0)!
  dyndoc-ruby-doc (= 1.0)!
  ultraviolet
