GIT
  remote: git://github.com/rcqls/R4rb.git
  revision: 0da32941d124f6d0dc18527d3cca0fe872f1a326
  specs:
    R4rb (1.0.0)

GIT
  remote: git://github.com/rcqls/dyndoc-ruby-core.git
  revision: db39de196862de87bb0ae01886d0a54bd3bacab0
  specs:
    dyndoc-ruby-core (1.0.0)
      configliere (~> 0.4, >= 0.4.18)

GIT
  remote: git://github.com/rcqls/dyndoc-ruby-exec.git
  revision: 5b3edde304f314fcdcf076f44b31b0c909a70114
  specs:
    dyndoc-ruby-exec (0.1.0)

PATH
  remote: .
  specs:
    dyndoc-session-ws (0.1.0)
      eventmachine (>= 0.12.0)
      faye-websocket (>= 0.10.1)
      websocket-driver (>= 0.5.1)

GEM
  remote: https://rubygems.org/
  specs:
    addressable (2.3.8)
    async-rack (0.5.1)
      rack (~> 1.1)
    configliere (0.4.18)
      highline (>= 1.5.2)
      multi_json (>= 1.1)
    daemons (1.2.3)
    diff-lcs (1.2.5)
    em-synchrony (1.0.4)
      eventmachine (>= 1.0.0.beta.1)
    em-websocket (0.3.8)
      addressable (>= 2.1.1)
      eventmachine (>= 0.12.9)
    eventmachine (1.0.8)
    faye-websocket (0.10.2)
      eventmachine (>= 0.12.0)
      websocket-driver (>= 0.5.1)
    git-version-bump (0.15.1)
    goliath (1.0.4)
      async-rack
      em-synchrony (>= 1.0.0)
      em-websocket (= 0.3.8)
      eventmachine (>= 1.0.0.beta.4)
      http_parser.rb (= 0.6.0)
      log4r
      multi_json
      rack (>= 1.2.2)
      rack-contrib
      rack-respond_to
    highline (1.7.8)
    http_parser.rb (0.6.0)
    kgio (2.10.0)
    log4r (1.1.10)
    multi_json (1.11.2)
    passenger (5.0.21)
      rack
      rake (>= 0.8.1)
    permessage_deflate (0.1.2)
    progressbar (0.21.0)
    puma (2.14.0)
    rack (1.6.4)
    rack-accept-media-types (0.9)
    rack-contrib (1.4.0)
      git-version-bump (~> 0.15)
      rack (~> 1.4)
    rack-respond_to (0.9.8)
      rack-accept-media-types (>= 0.6)
    rainbows (4.4.3)
      kgio (~> 2.5)
      rack (~> 1.1)
      unicorn (~> 4.1)
    raindrops (0.15.0)
    rake (10.4.2)
    rspec (3.4.0)
      rspec-core (~> 3.4.0)
      rspec-expectations (~> 3.4.0)
      rspec-mocks (~> 3.4.0)
    rspec-core (3.4.1)
      rspec-support (~> 3.4.0)
    rspec-eventmachine (0.2.0)
      eventmachine (>= 0.12.0)
      rspec (>= 2.0, < 4.0)
    rspec-expectations (3.4.0)
      diff-lcs (>= 1.2.0, < 2.0)
      rspec-support (~> 3.4.0)
    rspec-mocks (3.4.0)
      diff-lcs (>= 1.2.0, < 2.0)
      rspec-support (~> 3.4.0)
    rspec-support (3.4.1)
    thin (1.6.4)
      daemons (~> 1.0, >= 1.0.9)
      eventmachine (~> 1.0, >= 1.0.4)
      rack (~> 1.0)
    unicorn (4.9.0)
      kgio (~> 2.6)
      rack
      raindrops (~> 0.7)
    websocket-driver (0.6.3)
      websocket-extensions (>= 0.1.0)
    websocket-extensions (0.1.2)

PLATFORMS
  ruby

DEPENDENCIES
  R4rb!
  dyndoc-ruby-core!
  dyndoc-ruby-exec!
  dyndoc-session-ws!
  goliath
  passenger (>= 4.0.0)
  permessage_deflate
  progressbar
  puma (>= 2.0.0, < 2.15.0)
  rack
  rainbows (~> 4.4.0)
  rspec
  rspec-eventmachine (>= 0.2.0)
  thin (>= 1.2.0)
